GEM
  remote: https://rubygems.org/
  specs:
    coderay (1.0.6)
    httparty (0.8.3)
      multi_json (~> 1.0)
      multi_xml
    method_source (0.7.1)
    multi_json (1.3.6)
    multi_xml (0.5.1)
    pry (0.9.9.6)
      coderay (~> 1.0.5)
      method_source (~> 0.7.1)
      slop (>= 2.4.4, < 3)
    slop (2.4.4)

PLATFORMS
  ruby

DEPENDENCIES
  httparty
  pry
